PATH
  remote: .
  specs:
    make_permalink (0.0.1)
      stringex

GEM
  remote: http://rubygems.org/
  specs:
    diff-lcs (1.1.2)
    rspec (2.5.0)
      rspec-core (~> 2.5.0)
      rspec-expectations (~> 2.5.0)
      rspec-mocks (~> 2.5.0)
    rspec-core (2.5.1)
    rspec-expectations (2.5.0)
      diff-lcs (~> 1.1.2)
    rspec-mocks (2.5.0)
    stringex (1.2.0)

PLATFORMS
  ruby

DEPENDENCIES
  make_permalink!
  rspec
  stringex
